PATH
  remote: .
  specs:
    rubyvor (0.1.4)
      GeoRuby (>= 1.3.0)
      libxml-ruby (>= 0.9.9)

GEM
  remote: https://rubygems.org/
  specs:
    GeoRuby (1.3.4)
    hoe (3.16.0)
      rake (>= 0.8, < 13.0)
    libxml-ruby (3.0.0)
    minitest (5.10.1)
    rake (12.0.0)

PLATFORMS
  ruby

DEPENDENCIES
  hoe (>= 2.8.0)
  minitest (>= 1.6.0)
  rubyvor!

BUNDLED WITH
   1.13.2
